GEM
  remote: https://rubygems.org/
  specs:
    coderay (1.1.0)
    domain_name (0.5.17)
      unf (>= 0.0.5, < 1.0.0)
    ffi (1.9.3-java)
    getopt (1.4.1)
    mechanize (2.1.1)
      domain_name (~> 0.5, >= 0.5.1)
      net-http-digest_auth (~> 1.1, >= 1.1.1)
      net-http-persistent (~> 2.4, >= 2.4.1)
      nokogiri (~> 1.4)
      ntlm-http (~> 0.1, >= 0.1.1)
      webrobots (~> 0.0, >= 0.0.9)
    method_source (0.8.2)
    net-http-digest_auth (1.4)
    net-http-persistent (2.9.4)
    nokogiri (1.5.10)
    nokogiri (1.5.10-java)
    ntlm-http (0.1.1)
    pry (0.9.12.6)
      coderay (~> 1.0)
      method_source (~> 0.8)
      slop (~> 3.4)
    pry (0.9.12.6-java)
      coderay (~> 1.0)
      method_source (~> 0.8)
      slop (~> 3.4)
      spoon (~> 0.0)
    pry-nav (0.2.3)
      pry (~> 0.9.10)
    slop (3.5.0)
    spoon (0.0.4)
      ffi
    unf (0.1.3)
      unf_ext
    unf (0.1.3-java)
    unf_ext (0.0.6)
    webrobots (0.1.1)

PLATFORMS
  java
  ruby

DEPENDENCIES
  getopt
  mechanize (= 2.1.1)
  nokogiri (= 1.5.10)
  pry
  pry-nav
